GEM
  remote: https://gems.ruby-china.org/
  specs:
    rufus-scheduler (3.2.1)

PLATFORMS
  ruby

DEPENDENCIES
  rufus-scheduler

BUNDLED WITH
   1.12.5
