GEM
  remote: https://gems.ruby-china.org/
  specs:
    daemons (1.2.3)
    json (1.8.3)
    mail (2.6.3)
      mime-types (>= 1.16, < 3)
    mime-types (2.99)
    rufus-scheduler (3.2.1)

PLATFORMS
  ruby

DEPENDENCIES
  daemons
  json
  mail
  rufus-scheduler

BUNDLED WITH
   1.12.5
