GEM
  remote: https://gems.ruby-china.org/
  specs:
    json (2.1.0)
    mail (2.7.0)
      mini_mime (>= 0.1.1)
    mini_mime (1.0.0)
    rufus-scheduler (3.3.4)
      tzinfo
    thread_safe (0.3.6)
    tzinfo (1.2.2)
      thread_safe (~> 0.1)

PLATFORMS
  ruby

DEPENDENCIES
  json
  mail
  rufus-scheduler

BUNDLED WITH
   1.14.6
