GEM
  remote: https://gems.ruby-china.org/
  specs:
    daemons (1.2.3)
    rufus-scheduler (3.2.1)

PLATFORMS
  ruby

DEPENDENCIES
  daemons
  rufus-scheduler

BUNDLED WITH
   1.12.5
